PATH
  remote: .
  specs:
    descry (0.1.1)

GEM
  remote: https://rubygems.org/
  specs:
    minitest (5.23.1)
    rake (13.2.1)

PLATFORMS
  x86_64-darwin-21

DEPENDENCIES
  descry!
  minitest (~> 5.0)
  rake (~> 13.0)

BUNDLED WITH
   2.4.22
